PATH
  remote: .
  specs:
    email-spy (0.0.1)
      gdata_19 (~> 1.1.5)
      gmail_contacts (~> 2.0)
      httpclient (~> 2.2.5)
      nokogiri (~> 1.5.0)
      rspec (~> 2.11.0)

GEM
  remote: http://ruby.taobao.org/
  specs:
    diff-lcs (1.1.3)
    gdata_19 (1.1.5)
    gmail_contacts (2.0)
      net-http-persistent (~> 1.2, > 1.2)
      nokogiri (~> 1.4)
    httpclient (2.2.5)
    net-http-persistent (1.9)
    nokogiri (1.5.5)
    rspec (2.11.0)
      rspec-core (~> 2.11.0)
      rspec-expectations (~> 2.11.0)
      rspec-mocks (~> 2.11.0)
    rspec-core (2.11.1)
    rspec-expectations (2.11.2)
      diff-lcs (~> 1.1.3)
    rspec-mocks (2.11.1)

PLATFORMS
  ruby

DEPENDENCIES
  email-spy!
