PATH
  remote: .
  specs:
    email-spy (0.0.1)
      gdata_19 (~> 1.1.5)
      httpclient (~> 2.2.5)
      mechanize (~> 2.5.1)
      nokogiri (~> 1.5.0)

GEM
  remote: http://ruby.taobao.org/
  specs:
    diff-lcs (1.1.3)
    domain_name (0.5.3)
      unf (~> 0.0.3)
    gdata_19 (1.1.5)
    httpclient (2.2.5)
    mechanize (2.5.1)
      domain_name (~> 0.5, >= 0.5.1)
      mime-types (~> 1.17, >= 1.17.2)
      net-http-digest_auth (~> 1.1, >= 1.1.1)
      net-http-persistent (~> 2.5, >= 2.5.2)
      nokogiri (~> 1.4)
      ntlm-http (~> 0.1, >= 0.1.1)
      webrobots (~> 0.0, >= 0.0.9)
    mime-types (1.17.2)
    net-http-digest_auth (1.2.1)
    net-http-persistent (2.7)
    nokogiri (1.5.5)
    ntlm-http (0.1.1)
    rspec (2.11.0)
      rspec-core (~> 2.11.0)
      rspec-expectations (~> 2.11.0)
      rspec-mocks (~> 2.11.0)
    rspec-core (2.11.1)
    rspec-expectations (2.11.2)
      diff-lcs (~> 1.1.3)
    rspec-mocks (2.11.1)
    unf (0.0.5)
      unf_ext
    unf_ext (0.0.5)
    webrobots (0.0.13)

PLATFORMS
  ruby

DEPENDENCIES
  email-spy!
  rspec (~> 2.11.0)
